GEM
  remote: https://rubygems.org/
  specs:
    minitest (5.14.4)

PLATFORMS
  x86_64-darwin-19

DEPENDENCIES
  minitest (~> 5.4)

BUNDLED WITH
   2.2.21
